PATH
  remote: .
  specs:
    facebookbusiness (0.12.0.0)
      concurrent-ruby (~> 1.1)
      countries (~> 3.0)
      faraday (~> 2.2)
      faraday-net_http_persistent (~> 2.0)
      json (~> 2.2)
      money (~> 6.13)
      multipart-post

GEM
  remote: https://rubygems.org/
  specs:
    ast (2.4.2)
    awesome_print (1.9.2)
    base64 (0.2.0)
    byebug (11.1.3)
    coderay (1.1.3)
    concurrent-ruby (1.2.2)
    connection_pool (2.4.1)
    coolline (0.5.0)
      unicode_utils (~> 1.4)
    countries (3.1.0)
      i18n_data (~> 0.11.0)
      sixarm_ruby_unaccent (~> 1.1)
      unicode_utils (~> 1.4)
    diff-lcs (1.5.0)
    dotenv (2.8.1)
    faraday (2.8.1)
      base64
      faraday-net_http (>= 2.0, < 3.1)
      ruby2_keywords (>= 0.0.4)
    faraday-net_http (3.0.2)
    faraday-net_http_persistent (2.1.0)
      faraday (~> 2.5)
      net-http-persistent (~> 4.0)
    i18n (1.14.1)
      concurrent-ruby (~> 1.0)
    i18n_data (0.11.0)
    json (2.7.1)
    method_source (1.0.0)
    minitest (5.14.4)
    money (6.16.0)
      i18n (>= 0.6.4, <= 2)
    multipart-post (2.3.0)
    net-http-persistent (4.0.2)
      connection_pool (~> 2.2)
    parallel (1.24.0)
    parser (3.2.2.4)
      ast (~> 2.4.1)
      racc
    pry (0.14.2)
      coderay (~> 1.1)
      method_source (~> 1.0)
    pry-coolline (0.2.6)
      coolline (~> 0.5)
      pry (~> 0.13)
    racc (1.7.3)
    rainbow (3.1.1)
    rake (13.1.0)
    regexp_parser (2.8.3)
    rexml (3.2.6)
    rspec (3.12.0)
      rspec-core (~> 3.12.0)
      rspec-expectations (~> 3.12.0)
      rspec-mocks (~> 3.12.0)
    rspec-core (3.12.2)
      rspec-support (~> 3.12.0)
    rspec-expectations (3.12.3)
      diff-lcs (>= 1.2.0, < 2.0)
      rspec-support (~> 3.12.0)
    rspec-mocks (3.12.6)
      diff-lcs (>= 1.2.0, < 2.0)
      rspec-support (~> 3.12.0)
    rspec-support (3.12.1)
    rubocop (0.93.1)
      parallel (~> 1.10)
      parser (>= 2.7.1.5)
      rainbow (>= 2.2.2, < 4.0)
      regexp_parser (>= 1.8)
      rexml
      rubocop-ast (>= 0.6.0)
      ruby-progressbar (~> 1.7)
      unicode-display_width (>= 1.4.0, < 2.0)
    rubocop-ast (1.30.0)
      parser (>= 3.2.1.0)
    ruby-progressbar (1.13.0)
    ruby2_keywords (0.0.5)
    sixarm_ruby_unaccent (1.2.2)
    unicode-display_width (1.8.0)
    unicode_utils (1.4.0)

PLATFORMS
  ruby
  x86_64-linux

DEPENDENCIES
  awesome_print (~> 1.8)
  bundler
  byebug (~> 11.0)
  countries (~> 3.0)
  dotenv (~> 2.7)
  facebookbusiness!
  minitest (~> 5.14.2)
  money (~> 6.13)
  pry (~> 0.12)
  pry-coolline (~> 0.2)
  rake (~> 13.0)
  rspec (~> 3.8)
  rubocop (~> 0.71)

BUNDLED WITH
   2.5.3
